PATH
  remote: vendor/bloopsaphone
  specs:
    bloopsaphone (0.4)

GEM
  remote: http://rubygems.org/
  specs:
    coderay (1.0.5)
    method_source (0.7.0)
    pry (0.9.8.1)
      coderay (~> 1.0.5)
      method_source (~> 0.7)
      slop (>= 2.4.3, < 3)
    rake (0.9.2.2)
    slop (2.4.3)

PLATFORMS
  ruby

DEPENDENCIES
  bloopsaphone!
  pry
  rake
